PATH
  remote: .
  specs:
    steam_browser (0.1.0)

GEM
  remote: https://rubygems.org/
  specs:
    rake (10.4.2)

PLATFORMS
  ruby

DEPENDENCIES
  bundler (~> 1.16)
  rake (~> 10.0)
  steam_browser!

BUNDLED WITH
   1.16.0
